PATH
  remote: .
  specs:
    amazon-ses-mailer (0.0.4)
      mail
      ruby-hmac

GEM
  remote: http://rubygems.org/
  specs:
    activesupport (3.0.6)
    diff-lcs (1.1.2)
    fakeweb (1.3.0)
    i18n (0.5.0)
    mail (2.2.15)
      activesupport (>= 2.3.6)
      i18n (>= 0.4.0)
      mime-types (~> 1.16)
      treetop (~> 1.4.8)
    mime-types (1.16)
    polyglot (0.3.1)
    rspec (2.5.0)
      rspec-core (~> 2.5.0)
      rspec-expectations (~> 2.5.0)
      rspec-mocks (~> 2.5.0)
    rspec-core (2.5.1)
    rspec-expectations (2.5.0)
      diff-lcs (~> 1.1.2)
    rspec-mocks (2.5.0)
    ruby-hmac (0.4.0)
    treetop (1.4.9)
      polyglot (>= 0.3.1)

PLATFORMS
  ruby

DEPENDENCIES
  amazon-ses-mailer!
  fakeweb (~> 1.3.0)
  mail
  rspec (~> 2.5.0)
  ruby-hmac
